FRAMEWORK: NET45
NUGET
  remote: https://nuget.org/api/v2
  specs:
    FsCheck (2.2.3)
      FSharp.Core (>= 3.1.2.5)
    FSharp.Core (3.1.2.5)
    Fuchu (1.0.2)
      FSharp.Core (>= 3.1.2.1)
    Fuchu.FsCheck (1.0.2)
      FsCheck (>= 2.2.2)
      FSharp.Core (>= 3.1.2.5)
      Fuchu (>= 1.0.2.0)
    Newtonsoft.Json (7.0.1)
    NodaTime (1.3.1)
    Unquote (3.1.0)
    xunit (2.1.0)
      xunit.assert (2.1.0)
      xunit.core (2.1.0)
    xunit.abstractions (2.0.0)
    xunit.assert (2.1.0)
    xunit.core (2.1.0)
      xunit.extensibility.core (2.1.0)
      xunit.extensibility.execution (2.1.0)
    xunit.extensibility.core (2.1.0)
      xunit.abstractions (2.0.0)
    xunit.extensibility.execution (2.1.0)
      xunit.extensibility.core (2.1.0)
