NUGET
  remote: https://www.nuget.org/api/v2
  specs:
    FsCheck (1.0.4)
    FSharp.Core (3.1.2.1)
    Fuchu (0.4.0.0)
    Fuchu.FsCheck (0.4.0.0)
      FsCheck (>= 0.9.2.0)
      Fuchu (>= 0.4.0.0)
    Newtonsoft.Json (6.0.8)
    NodaTime (1.3.0)
    Unquote (2.2.2)
    xunit (1.9.2)
